GIT
  remote: https://github.com/ool-mddo/netomox
  revision: 1f8717ceb30faa89e952f78de8ea67afb8fd85a6
  tag: v0.2.0
  specs:
    netomox (0.1.0)
      hashdiff (~> 1.0.1)
      jsonpath (~> 1.1.2)
      neography (~> 1.8.0)
      termcolor (~> 1.2.2)
      thor (~> 1.2.1)

GEM
  remote: https://rubygems.org/
  specs:
    ast (2.4.2)
    excon (0.99.0)
    hashdiff (1.0.1)
    highline (2.1.0)
    httpclient (2.8.3)
    json (2.6.3)
    jsonpath (1.1.2)
      multi_json
    multi_json (1.15.0)
    neography (1.8.0)
      excon (>= 0.33.0)
      json (>= 1.7.7)
      multi_json (>= 1.3.2)
      os (>= 0.9.6)
      rake (>= 0.8.7)
      rubyzip (>= 1.0.0)
    os (1.1.4)
    parallel (1.22.1)
    parser (3.2.1.0)
      ast (~> 2.4.1)
    power_assert (2.0.3)
    rainbow (3.1.1)
    rake (13.0.6)
    regexp_parser (2.7.0)
    rexml (3.2.5)
    rubocop (1.47.0)
      json (~> 2.3)
      parallel (~> 1.10)
      parser (>= 3.2.0.0)
      rainbow (>= 2.2.2, < 4.0)
      regexp_parser (>= 1.8, < 3.0)
      rexml (>= 3.2.5, < 4.0)
      rubocop-ast (>= 1.26.0, < 2.0)
      ruby-progressbar (~> 1.7)
      unicode-display_width (>= 2.4.0, < 3.0)
    rubocop-ast (1.27.0)
      parser (>= 3.2.1.0)
    ruby-progressbar (1.13.0)
    rubyzip (2.3.2)
    termcolor (1.2.2)
      highline (>= 1.5.0)
    test-unit (3.5.7)
      power_assert
    thor (1.2.1)
    unicode-display_width (2.4.2)

PLATFORMS
  x86_64-linux

DEPENDENCIES
  httpclient (>= 2.8.3)
  netomox!
  rubocop (>= 0.80)
  test-unit (>= 3.5.3)
  thor (~> 1.2.1)

BUNDLED WITH
   2.3.7
