GIT
  remote: https://github.com/ool-mddo/mddo-toolbox-cli
  revision: 2d88efbd07ff544bd2de72236bce5da3b7f09012
  branch: main
  specs:
    mddo-toolbox-cli (0.1.0)
      httpclient (>= 2.8.3)
      test-unit (>= 3.5.3)
      thor (~> 1.2.1)

GIT
  remote: https://github.com/ool-mddo/netomox
  revision: 9cd3cf7bfe1082acfd9c494faaf47d03c02c74cc
  branch: main
  specs:
    netomox (0.1.0)
      hashdiff (~> 1.0.1)
      jsonpath (~> 1.1.2)
      neography (~> 1.8.0)
      termcolor (~> 1.2.2)
      thor (~> 1.2.1)

GEM
  remote: https://rubygems.org/
  specs:
    excon (0.99.0)
    hashdiff (1.0.1)
    highline (2.1.0)
    httpclient (2.8.3)
    json (2.6.3)
    jsonpath (1.1.2)
      multi_json
    multi_json (1.15.0)
    neography (1.8.0)
      excon (>= 0.33.0)
      json (>= 1.7.7)
      multi_json (>= 1.3.2)
      os (>= 0.9.6)
      rake (>= 0.8.7)
      rubyzip (>= 1.0.0)
    os (1.1.4)
    power_assert (2.0.3)
    rake (13.0.6)
    rexml (3.2.5)
    rubyzip (2.3.2)
    termcolor (1.2.2)
      highline (>= 1.5.0)
    test-unit (3.5.7)
      power_assert
    thor (1.2.1)

PLATFORMS
  x86_64-linux

DEPENDENCIES
  mddo-toolbox-cli!
  netomox!
  rexml (>= 3.2.5)

BUNDLED WITH
   2.4.12
