GEM
  remote: https://rubygems.org/
  specs:
    excon (0.111.0)
    hashdiff (1.0.1)
    highline (3.1.0)
      reline
    httpclient (2.8.3)
    io-console (0.7.2)
    json (2.7.2)
    jsonpath (1.1.5)
      multi_json
    multi_json (1.15.0)
    neography (1.8.0)
      excon (>= 0.33.0)
      json (>= 1.7.7)
      multi_json (>= 1.3.2)
      os (>= 0.9.6)
      rake (>= 0.8.7)
      rubyzip (>= 1.0.0)
    os (1.1.4)
    power_assert (2.0.3)
    rake (13.2.1)
    reline (0.5.9)
      io-console (~> 0.5)
    rexml (3.3.4)
      strscan
    rubyzip (2.3.2)
    strscan (3.1.0)
    termcolor (1.2.2)
      highline (>= 1.5.0)
    test-unit (3.6.2)
      power_assert
    thor (1.2.2)

GEM
  remote: https://rubygems.pkg.github.com/ool-mddo/
  specs:
    mddo-toolbox-cli (1.2.1)
      httpclient (~> 2.8)
      netomox (>= 0.9.1)
      test-unit (~> 3.5)
      thor (~> 1.2)
    netomox (0.10.0.pre9)
      hashdiff (~> 1.0.1)
      jsonpath (~> 1.1.2)
      neography (~> 1.8.0)
      rexml (~> 3.2)
      termcolor (~> 1.2.2)
      thor (~> 1.2.1)

PLATFORMS
  x86_64-linux

DEPENDENCIES
  mddo-toolbox-cli (>= 1.2.1)!
  netomox (>= 0.10.0.pre9)!

BUNDLED WITH
   2.4.12
