GIT
  remote: https://github.com/ool-mddo/mddo-toolbox-cli
  revision: 3436b63eb17ddcb6e1320afcfaf5270edeb32a95
  branch: main
  specs:
    mddo-toolbox-cli (0.1.0)
      httpclient (>= 2.8.3)
      test-unit (>= 3.5.3)
      thor (~> 1.2.1)

GEM
  remote: https://rubygems.org/
  specs:
    httpclient (2.8.3)
    power_assert (2.0.3)
    test-unit (3.5.7)
      power_assert
    thor (1.2.1)

PLATFORMS
  x86_64-linux

DEPENDENCIES
  mddo-toolbox-cli!

BUNDLED WITH
   2.4.12
