GEM
  remote: https://rubygems.org/
  specs:
    excon (0.100.0)
    hashdiff (1.0.1)
    highline (2.1.0)
    httpclient (2.8.3)
    json (2.6.3)
    jsonpath (1.1.3)
      multi_json
    multi_json (1.15.0)
    neography (1.8.0)
      excon (>= 0.33.0)
      json (>= 1.7.7)
      multi_json (>= 1.3.2)
      os (>= 0.9.6)
      rake (>= 0.8.7)
      rubyzip (>= 1.0.0)
    os (1.1.4)
    power_assert (2.0.3)
    rake (13.0.6)
    rexml (3.2.5)
    rubyzip (2.3.2)
    termcolor (1.2.2)
      highline (>= 1.5.0)
    test-unit (3.6.1)
      power_assert
    thor (1.2.2)

GEM
  remote: https://rubygems.pkg.github.com/ool-mddo/
  specs:
    mddo-toolbox-cli (1.1.1)
      httpclient (~> 2.8)
      netomox (= 0.4.0)
      test-unit (~> 3.5)
      thor (~> 1.2)
    netomox (0.4.0)
      hashdiff (~> 1.0.1)
      jsonpath (~> 1.1.2)
      neography (~> 1.8.0)
      rexml (~> 3.2)
      termcolor (~> 1.2.2)
      thor (~> 1.2.1)

PLATFORMS
  x86_64-linux

DEPENDENCIES
  mddo-toolbox-cli (= 1.1.1)!

BUNDLED WITH
   2.4.12
